{
    "AcquisitionMatrixPE": 110,
    "AcquisitionNumber": 1,
    "B0FieldIdentifier": [
        "medicbao01"
    ],
    "B0FieldSource": [
        "funcpepolar01",
        "medicbao01"
    ],
    "BandwidthPerPixelPhaseEncode": 32.468,
    "BaseResolution": 110,
    "BidsGuess": [
        "func",
        "_acq-epfid2p2m6_dir-AP_run-13_echo-2_bold"
    ],
    "BodyPartExamined": "BRAIN",
    "CoilCombinationMethod": "Sum of Squares",
    "ConsistencyInfo": "N4_VE11C_LATEST_20160120",
    "ConversionSoftware": "dcm2niix",
    "ConversionSoftwareVersion": "v1.0.20240202",
    "DerivedVendorReportedEchoSpacing": 0.000559992,
    "DeviceSerialNumber": "66044",
    "Dim1Size": 110,
    "Dim2Size": 110,
    "Dim3Size": 72,
    "DwellTime": 2e-06,
    "EchoNumber": 2,
    "EchoTime": 0.03893,
    "EchoTimes": [
        0.0142,
        0.0142,
        0.03893,
        0.03893,
        0.06366,
        0.06366,
        0.08839,
        0.08839,
        0.11312,
        0.11312
    ],
    "EchoTrainLength": 42,
    "EffectiveEchoSpacing": 0.000279996,
    "FileCollection": [
        "bids::sub-24683/ses-1/func/sub-24683_ses-1_task-bao_dir-AP_run-01_echo-1_part-mag_bold.nii.gz",
        "bids::sub-24683/ses-1/func/sub-24683_ses-1_task-bao_dir-AP_run-01_echo-1_part-phase_bold.nii.gz",
        "bids::sub-24683/ses-1/func/sub-24683_ses-1_task-bao_dir-AP_run-01_echo-2_part-mag_bold.nii.gz",
        "bids::sub-24683/ses-1/func/sub-24683_ses-1_task-bao_dir-AP_run-01_echo-2_part-phase_bold.nii.gz",
        "bids::sub-24683/ses-1/func/sub-24683_ses-1_task-bao_dir-AP_run-01_echo-3_part-mag_bold.nii.gz",
        "bids::sub-24683/ses-1/func/sub-24683_ses-1_task-bao_dir-AP_run-01_echo-3_part-phase_bold.nii.gz",
        "bids::sub-24683/ses-1/func/sub-24683_ses-1_task-bao_dir-AP_run-01_echo-4_part-mag_bold.nii.gz",
        "bids::sub-24683/ses-1/func/sub-24683_ses-1_task-bao_dir-AP_run-01_echo-4_part-phase_bold.nii.gz",
        "bids::sub-24683/ses-1/func/sub-24683_ses-1_task-bao_dir-AP_run-01_echo-5_part-mag_bold.nii.gz",
        "bids::sub-24683/ses-1/func/sub-24683_ses-1_task-bao_dir-AP_run-01_echo-5_part-phase_bold.nii.gz"
    ],
    "FlipAngle": 68,
    "HeudiconvVersion": "1.3.2",
    "ImageOrientation": "LAS+",
    "ImageOrientationPatientDICOM": [
        1,
        0,
        0,
        0,
        1,
        0
    ],
    "ImageOrientationText": "Tra",
    "ImageType": [
        "ORIGINAL",
        "PRIMARY",
        "M",
        "MB",
        "TE2",
        "ND",
        "NORM",
        "MOSAIC"
    ],
    "ImagingFrequency": 123.252649,
    "InPlanePhaseEncodingDirectionDICOM": "COL",
    "InstitutionName": "SC3T",
    "InstitutionalDepartmentName": "Department",
    "MRAcquisitionType": "2D",
    "MagneticFieldStrength": 3,
    "Manufacturer": "Siemens",
    "ManufacturersModelName": "Prisma",
    "MatrixCoilMode": "GRAPPA",
    "Modality": "MR",
    "MultibandAccelerationFactor": 6,
    "NonlinearGradientCorrection": false,
    "NumVolumes": 243,
    "Obliquity": "False",
    "ParallelReductionFactorInPlane": 2,
    "PartialFourier": 0.75,
    "Parts": [
        "mag",
        "phase",
        "mag",
        "phase",
        "mag",
        "phase",
        "mag",
        "phase",
        "mag",
        "phase"
    ],
    "PatientPosition": "HFS",
    "PercentPhaseFOV": 100,
    "PercentSampling": 100,
    "PhaseEncodingDirection": "j-",
    "PhaseEncodingSteps": 83,
    "PhaseResolution": 1,
    "PixelBandwidth": 2275,
    "ProcedureStepDescription": "CAMRIS^Satterthwaite",
    "ProtocolName": "func-bold_task-bao_dir-AP",
    "PulseSequenceDetails": "%CustomerSeq%\\cmrr_mbep2d_bold",
    "ReceiveCoilActiveElements": "HC1-7;NC1,2",
    "ReceiveCoilName": "HeadNeck_64",
    "ReconMatrixPE": 110,
    "RefLinesPE": 24,
    "RepetitionTime": 1.761,
    "SAR": 0.0475256,
    "ScanOptions": "PFP\\FS\\CT",
    "ScanningSequence": "EP",
    "SequenceName": "epfid2d5_110",
    "SequenceVariant": "SK\\SS",
    "SeriesDescription": "func-bold_task-bao_dir-AP",
    "SeriesNumber": 13,
    "ShimSetting": [
        3751,
        2516,
        351,
        357,
        -33,
        -217,
        -174,
        20
    ],
    "SliceThickness": 2,
    "SliceTiming": [
        0,
        0.725,
        1.45,
        0.435,
        1.16,
        0.145,
        0.87,
        1.595,
        0.58,
        1.305,
        0.29,
        1.015,
        0,
        0.725,
        1.45,
        0.435,
        1.16,
        0.145,
        0.87,
        1.595,
        0.58,
        1.305,
        0.29,
        1.015,
        0,
        0.725,
        1.45,
        0.435,
        1.16,
        0.145,
        0.87,
        1.595,
        0.58,
        1.305,
        0.29,
        1.015,
        0,
        0.725,
        1.45,
        0.435,
        1.16,
        0.145,
        0.87,
        1.595,
        0.58,
        1.305,
        0.29,
        1.015,
        0,
        0.725,
        1.45,
        0.435,
        1.16,
        0.145,
        0.87,
        1.595,
        0.58,
        1.305,
        0.29,
        1.015,
        0,
        0.725,
        1.45,
        0.435,
        1.16,
        0.145,
        0.87,
        1.595,
        0.58,
        1.305,
        0.29,
        1.015
    ],
    "SoftwareVersions": "syngo MR E11",
    "SpacingBetweenSlices": 2,
    "StationName": "AWP66044",
    "TotalReadoutTime": 0.0305196,
    "TxRefAmp": 221.906,
    "VoxelSizeDim1": 2.0,
    "VoxelSizeDim2": 2.0,
    "VoxelSizeDim3": 2.0,
    "WipMemBlock": "3351b79b-e3ff-4f32-b787-b52829e49365||Sequence: R016 ve11c/master r/e634e98; Dec 19 2017 11:00:25 by eja"
}