{
    "AcquisitionMatrixPE": 110,
    "AcquisitionNumber": 1,
    "B0FieldIdentifier": [
        "funcpepolar01"
    ],
    "BandwidthPerPixelPhaseEncode": 32.468,
    "BaseResolution": 110,
    "BidsGuess": [
        "fmap",
        "_acq-epse2_dir-PA_run-9_echo-1_epi"
    ],
    "BodyPartExamined": "BRAIN",
    "CoilCombinationMethod": "Sum of Squares",
    "ConsistencyInfo": "N4_VE11C_LATEST_20160120",
    "ConversionSoftware": "dcm2niix",
    "ConversionSoftwareVersion": "v1.0.20240202",
    "DerivedVendorReportedEchoSpacing": 0.000559992,
    "DeviceSerialNumber": "66044",
    "Dim1Size": 110,
    "Dim2Size": 110,
    "Dim3Size": 72,
    "EchoNumber": 1,
    "EchoTime": 0.0208,
    "EchoTrainLength": 42,
    "EffectiveEchoSpacing": 0.000279996,
    "FileCollection": [
        "bids::sub-60114/ses-1/fmap/sub-60114_ses-1_acq-func_dir-PA_run-01_part-mag_epi.nii.gz",
        "bids::sub-60114/ses-1/fmap/sub-60114_ses-1_acq-func_dir-PA_run-01_part-phase_epi.nii.gz"
    ],
    "FlipAngle": 90,
    "HeudiconvVersion": "1.3.2",
    "ImageOrientation": "LAS+",
    "ImageOrientationPatientDICOM": [
        1,
        0,
        0,
        0,
        1,
        0
    ],
    "ImageType": [
        "ORIGINAL",
        "PRIMARY",
        "M",
        "TE1",
        "ND",
        "MOSAIC"
    ],
    "ImagingFrequency": 123.252379,
    "InPlanePhaseEncodingDirectionDICOM": "COL",
    "InstitutionName": "SC3T",
    "IntendedFor": [
        "bids::sub-60114/ses-1/func/sub-60114_ses-1_task-bao_dir-AP_run-01_echo-1_part-mag_bold.nii.gz",
        "bids::sub-60114/ses-1/func/sub-60114_ses-1_task-bao_dir-AP_run-01_echo-1_part-phase_bold.nii.gz",
        "bids::sub-60114/ses-1/func/sub-60114_ses-1_task-bao_dir-AP_run-01_echo-2_part-mag_bold.nii.gz",
        "bids::sub-60114/ses-1/func/sub-60114_ses-1_task-bao_dir-AP_run-01_echo-2_part-phase_bold.nii.gz",
        "bids::sub-60114/ses-1/func/sub-60114_ses-1_task-bao_dir-AP_run-01_echo-3_part-mag_bold.nii.gz",
        "bids::sub-60114/ses-1/func/sub-60114_ses-1_task-bao_dir-AP_run-01_echo-3_part-phase_bold.nii.gz",
        "bids::sub-60114/ses-1/func/sub-60114_ses-1_task-bao_dir-AP_run-01_echo-4_part-mag_bold.nii.gz",
        "bids::sub-60114/ses-1/func/sub-60114_ses-1_task-bao_dir-AP_run-01_echo-4_part-phase_bold.nii.gz",
        "bids::sub-60114/ses-1/func/sub-60114_ses-1_task-bao_dir-AP_run-01_echo-5_part-mag_bold.nii.gz",
        "bids::sub-60114/ses-1/func/sub-60114_ses-1_task-bao_dir-AP_run-01_echo-5_part-phase_bold.nii.gz",
        "bids::sub-60114/ses-1/func/sub-60114_ses-1_task-rat_dir-PA_run-01_echo-1_part-mag_bold.nii.gz",
        "bids::sub-60114/ses-1/func/sub-60114_ses-1_task-rat_dir-PA_run-01_echo-1_part-phase_bold.nii.gz",
        "bids::sub-60114/ses-1/func/sub-60114_ses-1_task-rat_dir-PA_run-01_echo-2_part-mag_bold.nii.gz",
        "bids::sub-60114/ses-1/func/sub-60114_ses-1_task-rat_dir-PA_run-01_echo-2_part-phase_bold.nii.gz",
        "bids::sub-60114/ses-1/func/sub-60114_ses-1_task-rat_dir-PA_run-01_echo-3_part-mag_bold.nii.gz",
        "bids::sub-60114/ses-1/func/sub-60114_ses-1_task-rat_dir-PA_run-01_echo-3_part-phase_bold.nii.gz",
        "bids::sub-60114/ses-1/func/sub-60114_ses-1_task-rat_dir-PA_run-01_echo-4_part-mag_bold.nii.gz",
        "bids::sub-60114/ses-1/func/sub-60114_ses-1_task-rat_dir-PA_run-01_echo-4_part-phase_bold.nii.gz",
        "bids::sub-60114/ses-1/func/sub-60114_ses-1_task-rat_dir-PA_run-01_echo-5_part-mag_bold.nii.gz",
        "bids::sub-60114/ses-1/func/sub-60114_ses-1_task-rat_dir-PA_run-01_echo-5_part-phase_bold.nii.gz"
    ],
    "MRAcquisitionType": "2D",
    "MagneticFieldStrength": 3,
    "Manufacturer": "Siemens",
    "ManufacturersModelName": "Prisma",
    "MatrixCoilMode": "GRAPPA",
    "Modality": "MR",
    "NonlinearGradientCorrection": false,
    "NumVolumes": 3,
    "Obliquity": "False",
    "ParallelReductionFactorInPlane": 2,
    "PartialFourier": 0.75,
    "Parts": [
        "mag",
        "phase"
    ],
    "PatientPosition": "HFS",
    "PercentPhaseFOV": 100,
    "PercentSampling": 100,
    "PhaseEncodingDirection": "j",
    "PhaseEncodingSteps": 83,
    "PhaseResolution": 1,
    "PixelBandwidth": 2275,
    "ProcedureStepDescription": "CAMRIS^Satterthwaite",
    "ProtocolName": "fmap-epi_acq-func_dir-PA",
    "PulseSequenceDetails": "%CustomerSeq%\\cmrr_mbep2d_se",
    "ReceiveCoilActiveElements": "HC1-7;NC1,2",
    "ReceiveCoilName": "HeadNeck_64",
    "ReconMatrixPE": 110,
    "RefLinesPE": 24,
    "RepetitionTime": 13.693,
    "SAR": 0.30414,
    "ScanOptions": "PFP\\CT",
    "ScanningSequence": "EP",
    "SequenceName": "epse2d5_110",
    "SequenceVariant": "SK",
    "SeriesDescription": "fmap-epi_acq-func_dir-PA",
    "SeriesNumber": 9,
    "ShimSetting": [
        3767,
        2503,
        366,
        307,
        101,
        -378,
        -52,
        20
    ],
    "SliceThickness": 2,
    "SliceTiming": [
        6.8375,
        0,
        7.0275,
        0.19,
        7.2175,
        0.38,
        7.4075,
        0.57,
        7.595,
        0.76,
        7.785,
        0.95,
        7.975,
        1.14,
        8.165,
        1.33,
        8.355,
        1.52,
        8.545,
        1.71,
        8.735,
        1.9,
        8.925,
        2.09,
        9.115,
        2.28,
        9.305,
        2.47,
        9.495,
        2.66,
        9.685,
        2.8475,
        9.875,
        3.0375,
        10.065,
        3.2275,
        10.255,
        3.4175,
        10.445,
        3.6075,
        10.635,
        3.7975,
        10.825,
        3.9875,
        11.015,
        4.1775,
        11.205,
        4.3675,
        11.395,
        4.5575,
        11.585,
        4.7475,
        11.775,
        4.9375,
        11.965,
        5.1275,
        12.155,
        5.3175,
        12.3425,
        5.5075,
        12.5325,
        5.6975,
        12.7225,
        5.8875,
        12.9125,
        6.0775,
        13.1025,
        6.2675,
        13.2925,
        6.4575,
        13.4825,
        6.6475
    ],
    "SoftwareVersions": "syngo MR E11",
    "SpacingBetweenSlices": 2,
    "StationName": "AWP66044",
    "TotalReadoutTime": 0.0305196,
    "TxRefAmp": 217.088,
    "VendorReportedEchoSpacing": 0.00056,
    "VoxelSizeDim1": 2.0,
    "VoxelSizeDim2": 2.0,
    "VoxelSizeDim3": 2.0,
    "WipMemBlock": "5b6fc02f-d176-4b10-85c3-426b5696c5d3||Sequence: R016 ve11c/master r/e634e98; Dec 19 2017 11:22:56 by eja"
}