{
    "AcquisitionMatrixPE": 80,
    "AcquisitionNumber": 1,
    "BaseResolution": 80,
    "BodyPartExamined": "BRAIN",
    "CoilCombinationMethod": "Adaptive Combine",
    "CoilString": "1",
    "ConsistencyInfo": "N4_VE11C_LATEST_20160120",
    "ConversionSoftware": "dcm2niix",
    "ConversionSoftwareVersion": "v1.0.20240202",
    "DeviceSerialNumber": "66044",
    "Dim1Size": 80,
    "Dim2Size": 80,
    "Dim3Size": 44,
    "EchoTime": 0.01078,
    "FlipAngle": 120,
    "HeudiconvVersion": "1.3.2",
    "ImageOrientation": "LAS+",
    "ImageOrientationPatientDICOM": [
        1,
        0,
        0,
        0,
        1,
        0
    ],
    "ImageType": [
        "ORIGINAL",
        "PRIMARY",
        "M",
        "ND"
    ],
    "ImagingFrequency": 123.252244,
    "InPlanePhaseEncodingDirectionDICOM": "COL",
    "InstitutionName": "SC3T",
    "MRAcquisitionType": "3D",
    "MagneticFieldStrength": 3,
    "Manufacturer": "Siemens",
    "ManufacturersModelName": "Prisma",
    "MatrixCoilMode": "SENSE",
    "Modality": "MR",
    "NonlinearGradientCorrection": false,
    "NumVolumes": 1,
    "Obliquity": "False",
    "PartialFourier": 1,
    "PatientPosition": "HFS",
    "PercentPhaseFOV": 100,
    "PercentSampling": 100,
    "PhaseEncodingSteps": 5,
    "PhaseResolution": 1,
    "PixelBandwidth": 400,
    "ProcedureStepDescription": "CAMRIS^Satterthwaite",
    "ProtocolName": "perf-asl",
    "PulseSequenceDetails": "%CustomerSeq%\\SPIRAL_V24_GE",
    "ReceiveCoilActiveElements": "HC1-6",
    "ReceiveCoilName": "HeadNeck_64",
    "ReconMatrixPE": 80,
    "RepetitionTime": 5,
    "RepetitionTimePreparation": 5,
    "SAR": 0.261181,
    "SaturationPulseTime": 5,
    "ScanOptions": "SAT1\\FS",
    "ScanningSequence": "RM",
    "SequenceName": "Sp3d1",
    "SequenceVariant": "SS",
    "SeriesDescription": "perf-asl_M0",
    "SeriesNumber": 25,
    "ShimSetting": [
        3758,
        2475,
        398,
        342,
        -7,
        -310,
        -156,
        27
    ],
    "SliceThickness": 3,
    "SoftwareVersions": "syngo MR E11",
    "StationName": "AWP66044",
    "TxRefAmp": 208.221,
    "VoxelSizeDim1": 3.0,
    "VoxelSizeDim2": 3.0,
    "VoxelSizeDim3": 3.0
}