{
    "AcquisitionMatrixPE": 120,
    "AcquisitionNumber": 1,
    "BaseResolution": 160,
    "BidsGuess": [
        "anat",
        "_acq-fl3_run-32_echo-3_part-phase_MEGRE"
    ],
    "BodyPartExamined": "BRAIN",
    "CoilCombinationMethod": "Adaptive Combine",
    "ConsistencyInfo": "N4_VE11C_LATEST_20160120",
    "ConversionSoftware": "dcm2niix",
    "ConversionSoftwareVersion": "v1.0.20240202",
    "DeviceSerialNumber": "66044",
    "Dim1Size": 120,
    "Dim2Size": 160,
    "Dim3Size": 96,
    "EchoNumber": 3,
    "EchoTime": 0.0225,
    "EchoTimes": [
        0.0075,
        0.0075,
        0.015,
        0.015,
        0.0225,
        0.0225,
        0.03,
        0.03
    ],
    "EchoTrainLength": 4,
    "FileCollection": [
        "bids::sub-24684/ses-1/anat/sub-24684_ses-1_acq-1p5mm_run-01_echo-1_part-mag_MEGRE.nii.gz",
        "bids::sub-24684/ses-1/anat/sub-24684_ses-1_acq-1p5mm_run-01_echo-1_part-phase_MEGRE.nii.gz",
        "bids::sub-24684/ses-1/anat/sub-24684_ses-1_acq-1p5mm_run-01_echo-2_part-mag_MEGRE.nii.gz",
        "bids::sub-24684/ses-1/anat/sub-24684_ses-1_acq-1p5mm_run-01_echo-2_part-phase_MEGRE.nii.gz",
        "bids::sub-24684/ses-1/anat/sub-24684_ses-1_acq-1p5mm_run-01_echo-3_part-mag_MEGRE.nii.gz",
        "bids::sub-24684/ses-1/anat/sub-24684_ses-1_acq-1p5mm_run-01_echo-3_part-phase_MEGRE.nii.gz",
        "bids::sub-24684/ses-1/anat/sub-24684_ses-1_acq-1p5mm_run-01_echo-4_part-mag_MEGRE.nii.gz",
        "bids::sub-24684/ses-1/anat/sub-24684_ses-1_acq-1p5mm_run-01_echo-4_part-phase_MEGRE.nii.gz"
    ],
    "FlipAngle": 15,
    "HeudiconvVersion": "1.3.2",
    "ImageOrientation": "RAS+",
    "ImageOrientationPatientDICOM": [
        1,
        4.897e-12,
        0,
        -4.897e-12,
        1,
        0
    ],
    "ImageType": [
        "ORIGINAL",
        "PRIMARY",
        "P",
        "ND",
        "PHASE"
    ],
    "ImagingFrequency": 123.252359,
    "InPlanePhaseEncodingDirectionDICOM": "ROW",
    "InstitutionName": "Hospital Univ. of Pennsylvania",
    "MRAcquisitionType": "3D",
    "MagneticFieldStrength": 3,
    "Manufacturer": "Siemens",
    "ManufacturersModelName": "Prisma",
    "MatrixCoilMode": "GRAPPA",
    "Modality": "MR",
    "NonlinearGradientCorrection": false,
    "NumVolumes": 1,
    "Obliquity": "False",
    "ParallelReductionFactorInPlane": 2,
    "PartialFourier": 1,
    "Parts": [
        "mag",
        "phase",
        "mag",
        "phase",
        "mag",
        "phase",
        "mag",
        "phase"
    ],
    "PatientPosition": "HFS",
    "PercentPhaseFOV": 75,
    "PercentSampling": 100,
    "PhaseEncodingDirection": "i",
    "PhaseEncodingSteps": 119,
    "PhaseResolution": 1,
    "PixelBandwidth": 200,
    "ProcedureStepDescription": "CAMRIS^Satterthwaite",
    "ProtocolName": "anat-MEGRE_acq-1p5mm",
    "PulseSequenceDetails": "%SiemensSeq%\\gre",
    "ReceiveCoilActiveElements": "HC1-6",
    "ReceiveCoilName": "HeadNeck_64",
    "ReconMatrixPE": 120,
    "RefLinesPE": 24,
    "RepetitionTime": 0.035,
    "SAR": 0.00898681,
    "ScanningSequence": "GR",
    "SequenceName": "*fl3d4r",
    "SequenceVariant": "SP",
    "SeriesDescription": "anat-MEGRE_acq-1p5mm",
    "SeriesNumber": 32,
    "ShimSetting": [
        3736,
        2488,
        425,
        267,
        -17,
        -206,
        -129,
        111
    ],
    "SliceThickness": 1.5,
    "SoftwareVersions": "syngo MR E11",
    "StationName": "AWP66044",
    "TxRefAmp": 243.1,
    "Units": "arbitrary",
    "VoxelSizeDim1": 1.5,
    "VoxelSizeDim2": 1.5,
    "VoxelSizeDim3": 1.5
}