{
    "AcquisitionMatrixPE": 256,
    "AcquisitionNumber": 1,
    "BaseResolution": 256,
    "BidsGuess": [
        "anat",
        "_acq-tfl3p2_run-5_T1w"
    ],
    "BodyPartExamined": "BRAIN",
    "CoilCombinationMethod": "Adaptive Combine",
    "ConsistencyInfo": "N4_VE11C_LATEST_20160120",
    "ConversionSoftware": "dcm2niix",
    "ConversionSoftwareVersion": "v1.0.20240202",
    "DeviceSerialNumber": "66044",
    "Dim1Size": 176,
    "Dim2Size": 256,
    "Dim3Size": 256,
    "DwellTime": 8.2e-06,
    "EchoTime": 0.0029,
    "FileCollection": [
        "bids::sub-24743/ses-1/anat/sub-24743_ses-1_rec-norm_T1w.nii.gz",
        "bids::sub-24743/ses-1/anat/sub-24743_ses-1_T1w.nii.gz"
    ],
    "FlipAngle": 8,
    "HeudiconvVersion": "1.3.2",
    "ImageOrientation": "RAS+",
    "ImageOrientationPatientDICOM": [
        0,
        1,
        0,
        0,
        0,
        -1
    ],
    "ImageOrientationText": "Sag",
    "ImageType": [
        "ORIGINAL",
        "PRIMARY",
        "M",
        "ND",
        "NORM"
    ],
    "ImagingFrequency": 123.252566,
    "InPlanePhaseEncodingDirectionDICOM": "ROW",
    "InstitutionName": "SC3T",
    "InstitutionalDepartmentName": "Department",
    "InversionTime": 1.07,
    "MRAcquisitionType": "3D",
    "MagneticFieldStrength": 3,
    "Manufacturer": "Siemens",
    "ManufacturersModelName": "Prisma",
    "MatrixCoilMode": "GRAPPA",
    "Modality": "MR",
    "NonlinearGradientCorrection": false,
    "NumVolumes": 1,
    "Obliquity": "False",
    "ParallelReductionFactorInPlane": 2,
    "PartialFourier": 1,
    "PatientPosition": "HFS",
    "PercentPhaseFOV": 100,
    "PercentSampling": 100,
    "PhaseEncodingSteps": 255,
    "PhaseResolution": 1,
    "PixelBandwidth": 240,
    "ProcedureStepDescription": "CAMRIS^Satterthwaite",
    "ProtocolName": "anat-T1w",
    "PulseSequenceDetails": "%CustomerSeq%\\tfl_mgh_epinav_ABCD",
    "ReceiveCoilActiveElements": "HC1-7;NC1,2",
    "ReceiveCoilName": "HeadNeck_64",
    "ReconMatrixPE": 256,
    "RefLinesPE": 32,
    "RepetitionTime": 2.5,
    "SAR": 0.0272806,
    "ScanOptions": "IR\\WE",
    "ScanningSequence": "GR\\IR",
    "SequenceName": "tfl3d1_16ns",
    "SequenceVariant": "SK\\SP\\MP",
    "SeriesDescription": "anat-T1w",
    "SeriesNumber": 5,
    "ShimSetting": [
        3764,
        2442,
        327,
        87,
        80,
        -474,
        -79,
        -10
    ],
    "SliceThickness": 1,
    "SoftwareVersions": "syngo MR E11",
    "SpoilingState": true,
    "StationName": "AWP66044",
    "TxRefAmp": 210.623,
    "VoxelSizeDim1": 1.0,
    "VoxelSizeDim2": 1.0,
    "VoxelSizeDim3": 1.0,
    "WipMemBlock": "Prisma_epi_moco_navigator_ABCD_tfl.prot"
}