{
    "AcquisitionMatrixPE": 256,
    "AcquisitionNumber": 1,
    "BaseResolution": 256,
    "BidsGuess": [
        "anat",
        "_acq-spc2_run-36_T2w"
    ],
    "BodyPartExamined": "BRAIN",
    "CoilCombinationMethod": "Adaptive Combine",
    "ConsistencyInfo": "N4_VE11C_LATEST_20160120",
    "ConversionSoftware": "dcm2niix",
    "ConversionSoftwareVersion": "v1.0.20240202",
    "DeviceSerialNumber": "66044",
    "Dim1Size": 176,
    "Dim2Size": 256,
    "Dim3Size": 256,
    "EchoTime": 0.565,
    "EchoTrainLength": 190,
    "FileCollection": [
        "bids::sub-60466/ses-1/anat/sub-60466_ses-1_rec-norm_T2w.nii.gz",
        "bids::sub-60466/ses-1/anat/sub-60466_ses-1_T2w.nii.gz"
    ],
    "FlipAngle": 120,
    "HeudiconvVersion": "1.3.2",
    "ImageOrientation": "RAS+",
    "ImageOrientationPatientDICOM": [
        0,
        1,
        0,
        0,
        0,
        -1
    ],
    "ImageType": [
        "ORIGINAL",
        "PRIMARY",
        "M",
        "ND",
        "NORM"
    ],
    "ImagingFrequency": 123.252539,
    "InPlanePhaseEncodingDirectionDICOM": "ROW",
    "InstitutionName": "SC3T",
    "MRAcquisitionType": "3D",
    "MagneticFieldStrength": 3,
    "Manufacturer": "Siemens",
    "ManufacturersModelName": "Prisma",
    "MatrixCoilMode": "GRAPPA",
    "Modality": "MR",
    "NonlinearGradientCorrection": false,
    "NumVolumes": 1,
    "Obliquity": "False",
    "ParallelReductionFactorInPlane": 2,
    "PartialFourier": 1,
    "PatientPosition": "HFS",
    "PercentPhaseFOV": 100,
    "PercentSampling": 100,
    "PhaseEncodingDirection": "i",
    "PhaseEncodingSteps": 227,
    "PhaseResolution": 1,
    "PixelBandwidth": 240,
    "ProcedureStepDescription": "CAMRIS^Satterthwaite",
    "ProtocolName": "anat-T2w",
    "PulseSequenceDetails": "%CustomerSeq%\\tse_vfl_mgh_epinav_ABCD",
    "ReceiveCoilActiveElements": "HC1-7;NC1,2",
    "ReceiveCoilName": "HeadNeck_64",
    "ReconMatrixPE": 256,
    "RefLinesPE": 32,
    "RepetitionTime": 3.2,
    "SAR": 0.0637689,
    "ScanOptions": "PFP",
    "ScanningSequence": "SE",
    "SequenceName": "spc_200ns",
    "SequenceVariant": "SK\\SP",
    "SeriesDescription": "anat-T2w",
    "SeriesNumber": 36,
    "ShimSetting": [
        3737,
        2490,
        419,
        -121,
        131,
        -373,
        108,
        55
    ],
    "SliceThickness": 1,
    "SoftwareVersions": "syngo MR E11",
    "SpoilingState": true,
    "StationName": "AWP66044",
    "TxRefAmp": 233.503,
    "VariableFlipAngleFlag": true,
    "VoxelSizeDim1": 1.0,
    "VoxelSizeDim2": 1.0,
    "VoxelSizeDim3": 1.0,
    "WipMemBlock": "Prisma_epi_moco_navigator_ABCD_tse_vfl.prot"
}