{
    "AcquisitionMatrixPE": 110,
    "AcquisitionNumber": 1,
    "BandwidthPerPixelPhaseEncode": 32.468,
    "BaseResolution": 110,
    "BidsGuess": [
        "func",
        "_acq-epfid2_dir-PA_run-16_echo-3_bold"
    ],
    "BodyPartExamined": "BRAIN",
    "CoilCombinationMethod": "Sum of Squares",
    "ConsistencyInfo": "N4_VE11C_LATEST_20160120",
    "ConversionSoftware": "dcm2niix",
    "ConversionSoftwareVersion": "v1.0.20240202",
    "DerivedVendorReportedEchoSpacing": 0.000559992,
    "DeviceSerialNumber": "66044",
    "Dim1Size": 110,
    "Dim2Size": 110,
    "Dim3Size": 72,
    "EchoNumber": 3,
    "EchoTime": 0.06366,
    "EchoTimes": [
        0.0142,
        0.0142,
        0.03893,
        0.03893,
        0.06366,
        0.06366,
        0.08839,
        0.08839,
        0.11312,
        0.11312
    ],
    "EchoTrainLength": 42,
    "EffectiveEchoSpacing": 0.000279996,
    "FileCollection": [
        "bids::sub-24744/ses-1/func/sub-24744_ses-1_task-rat_dir-PA_run-01_echo-1_part-mag_sbref.nii.gz",
        "bids::sub-24744/ses-1/func/sub-24744_ses-1_task-rat_dir-PA_run-01_echo-1_part-phase_sbref.nii.gz",
        "bids::sub-24744/ses-1/func/sub-24744_ses-1_task-rat_dir-PA_run-01_echo-2_part-mag_sbref.nii.gz",
        "bids::sub-24744/ses-1/func/sub-24744_ses-1_task-rat_dir-PA_run-01_echo-2_part-phase_sbref.nii.gz",
        "bids::sub-24744/ses-1/func/sub-24744_ses-1_task-rat_dir-PA_run-01_echo-3_part-mag_sbref.nii.gz",
        "bids::sub-24744/ses-1/func/sub-24744_ses-1_task-rat_dir-PA_run-01_echo-3_part-phase_sbref.nii.gz",
        "bids::sub-24744/ses-1/func/sub-24744_ses-1_task-rat_dir-PA_run-01_echo-4_part-mag_sbref.nii.gz",
        "bids::sub-24744/ses-1/func/sub-24744_ses-1_task-rat_dir-PA_run-01_echo-4_part-phase_sbref.nii.gz",
        "bids::sub-24744/ses-1/func/sub-24744_ses-1_task-rat_dir-PA_run-01_echo-5_part-mag_sbref.nii.gz",
        "bids::sub-24744/ses-1/func/sub-24744_ses-1_task-rat_dir-PA_run-01_echo-5_part-phase_sbref.nii.gz"
    ],
    "FlipAngle": 68,
    "HeudiconvVersion": "1.3.2",
    "ImageOrientation": "LAS+",
    "ImageOrientationPatientDICOM": [
        1,
        0,
        0,
        0,
        1,
        0
    ],
    "ImageType": [
        "ORIGINAL",
        "PRIMARY",
        "M",
        "TE3",
        "ND",
        "NORM",
        "MOSAIC"
    ],
    "ImagingFrequency": 123.252347,
    "InPlanePhaseEncodingDirectionDICOM": "COL",
    "InstitutionName": "SC3T",
    "MRAcquisitionType": "2D",
    "MagneticFieldStrength": 3,
    "Manufacturer": "Siemens",
    "ManufacturersModelName": "Prisma",
    "MatrixCoilMode": "GRAPPA",
    "Modality": "MR",
    "NonlinearGradientCorrection": false,
    "NumVolumes": 1,
    "Obliquity": "False",
    "ParallelReductionFactorInPlane": 2,
    "PartialFourier": 0.75,
    "Parts": [
        "mag",
        "phase",
        "mag",
        "phase",
        "mag",
        "phase",
        "mag",
        "phase",
        "mag",
        "phase"
    ],
    "PatientPosition": "HFS",
    "PercentPhaseFOV": 100,
    "PercentSampling": 100,
    "PhaseEncodingDirection": "j",
    "PhaseEncodingSteps": 83,
    "PhaseResolution": 1,
    "PixelBandwidth": 2275,
    "ProcedureStepDescription": "CAMRIS^Satterthwaite",
    "ProtocolName": "func-bold_task-rat_dir-PA",
    "PulseSequenceDetails": "%CustomerSeq%\\cmrr_mbep2d_bold",
    "ReceiveCoilActiveElements": "HC1-7;NC1,2",
    "ReceiveCoilName": "HeadNeck_64",
    "ReconMatrixPE": 110,
    "RefLinesPE": 24,
    "RepetitionTime": 1.761,
    "SAR": 0.0509955,
    "ScanOptions": "PFP\\FS\\CT",
    "ScanningSequence": "EP",
    "SequenceName": "epfid2d5_110",
    "SequenceVariant": "SK\\SS",
    "SeriesDescription": "func-bold_task-rat_dir-PA_SBRef",
    "SeriesNumber": 16,
    "ShimSetting": [
        3732,
        2513,
        395,
        209,
        116,
        -163,
        96,
        33
    ],
    "SliceThickness": 2,
    "SliceTiming": [
        0,
        0.145,
        0.29,
        0.435,
        0.58,
        0.725,
        0.87,
        1.015,
        1.16,
        1.3075,
        1.4525,
        1.5975,
        1.7425,
        1.8875,
        2.0325,
        2.1775,
        2.3225,
        2.4675,
        2.6125,
        2.7575,
        2.9025,
        3.0475,
        3.1925,
        3.3375,
        3.4825,
        3.6275,
        3.7725,
        3.9175,
        4.0625,
        4.2075,
        4.3525,
        4.4975,
        4.6425,
        4.7875,
        4.9325,
        5.0775,
        5.2225,
        5.3675,
        5.5125,
        5.6575,
        5.805,
        5.95,
        6.095,
        6.24,
        6.385,
        6.53,
        6.675,
        6.82,
        6.965,
        7.11,
        7.255,
        7.4,
        7.545,
        7.69,
        7.835,
        7.98,
        8.125,
        8.27,
        8.415,
        8.56,
        8.705,
        8.85,
        8.995,
        9.14,
        9.285,
        9.43,
        9.575,
        9.72,
        9.865,
        10.01,
        10.155,
        10.3
    ],
    "SoftwareVersions": "syngo MR E11",
    "SpacingBetweenSlices": 2,
    "StationName": "AWP66044",
    "TotalReadoutTime": 0.0305196,
    "TxRefAmp": 217.924,
    "VoxelSizeDim1": 2.0,
    "VoxelSizeDim2": 2.0,
    "VoxelSizeDim3": 2.0,
    "WipMemBlock": "e82268f0-22d8-45e0-ac02-20c029a5a6bb||Sequence: R016 ve11c/master r/e634e98; Dec 19 2017 11:00:25 by eja"
}