{
    "AcquisitionMatrixPE": 110,
    "AcquisitionNumber": 1,
    "B0FieldIdentifier": [
        "medicrat01nordic"
    ],
    "B0FieldSource": [
        "funcpepolar01",
        "medicrat01nordic"
    ],
    "BandwidthPerPixelPhaseEncode": 32.468,
    "BaseResolution": 110,
    "BidsGuess": [
        "func",
        "_acq-epfid2m6_dir-PA_run-25_echo-4_part-phase_bold"
    ],
    "BodyPartExamined": "BRAIN",
    "CoilCombinationMethod": "Sum of Squares",
    "ConsistencyInfo": "N4_VE11C_LATEST_20160120",
    "ConversionSoftware": "dcm2niix",
    "ConversionSoftwareVersion": "v1.0.20240202",
    "DerivedVendorReportedEchoSpacing": 0.000559992,
    "DeviceSerialNumber": "66044",
    "Dim1Size": 110,
    "Dim2Size": 110,
    "Dim3Size": 72,
    "EchoNumber": 4,
    "EchoTime": 0.08839,
    "EchoTimes": [
        0.0142,
        0.0142,
        0.03893,
        0.03893,
        0.06366,
        0.06366,
        0.08839,
        0.08839,
        0.11312,
        0.11312
    ],
    "EchoTrainLength": 42,
    "EffectiveEchoSpacing": 0.000279996,
    "FileCollection": [
        "bids::sub-24663/ses-1/func/sub-24663_ses-1_task-rat_dir-PA_run-01_echo-1_part-mag_bold.nii.gz",
        "bids::sub-24663/ses-1/func/sub-24663_ses-1_task-rat_dir-PA_run-01_echo-1_part-phase_bold.nii.gz",
        "bids::sub-24663/ses-1/func/sub-24663_ses-1_task-rat_dir-PA_run-01_echo-2_part-mag_bold.nii.gz",
        "bids::sub-24663/ses-1/func/sub-24663_ses-1_task-rat_dir-PA_run-01_echo-2_part-phase_bold.nii.gz",
        "bids::sub-24663/ses-1/func/sub-24663_ses-1_task-rat_dir-PA_run-01_echo-3_part-mag_bold.nii.gz",
        "bids::sub-24663/ses-1/func/sub-24663_ses-1_task-rat_dir-PA_run-01_echo-3_part-phase_bold.nii.gz",
        "bids::sub-24663/ses-1/func/sub-24663_ses-1_task-rat_dir-PA_run-01_echo-4_part-mag_bold.nii.gz",
        "bids::sub-24663/ses-1/func/sub-24663_ses-1_task-rat_dir-PA_run-01_echo-4_part-phase_bold.nii.gz",
        "bids::sub-24663/ses-1/func/sub-24663_ses-1_task-rat_dir-PA_run-01_echo-5_part-mag_bold.nii.gz",
        "bids::sub-24663/ses-1/func/sub-24663_ses-1_task-rat_dir-PA_run-01_echo-5_part-phase_bold.nii.gz"
    ],
    "FlipAngle": 68,
    "HeudiconvVersion": "1.3.2",
    "ImageOrientation": "LAS+",
    "ImageOrientationPatientDICOM": [
        0.9988,
        0.00505587,
        0.0487162,
        -0.00418379,
        0.999829,
        -0.0179868
    ],
    "ImageType": [
        "ORIGINAL",
        "PRIMARY",
        "P",
        "MB",
        "TE4",
        "ND",
        "MOSAIC",
        "PHASE"
    ],
    "ImagingFrequency": 123.252372,
    "InPlanePhaseEncodingDirectionDICOM": "COL",
    "InstitutionName": "SC3T",
    "MRAcquisitionType": "2D",
    "MagneticFieldStrength": 3,
    "Manufacturer": "Siemens",
    "ManufacturersModelName": "Prisma",
    "MatrixCoilMode": "GRAPPA",
    "Modality": "MR",
    "MultibandAccelerationFactor": 6,
    "NonlinearGradientCorrection": false,
    "NumVolumes": 363,
    "Obliquity": "True",
    "ParallelReductionFactorInPlane": 2,
    "PartialFourier": 0.75,
    "Parts": [
        "mag",
        "phase",
        "mag",
        "phase",
        "mag",
        "phase",
        "mag",
        "phase",
        "mag",
        "phase"
    ],
    "PatientPosition": "HFS",
    "PercentPhaseFOV": 100,
    "PercentSampling": 100,
    "PhaseEncodingDirection": "j",
    "PhaseEncodingSteps": 83,
    "PhaseResolution": 1,
    "PixelBandwidth": 2275,
    "ProcedureStepDescription": "CAMRIS^Satterthwaite",
    "ProtocolName": "func-bold_task-rat_dir-PA",
    "PulseSequenceDetails": "%CustomerSeq%\\cmrr_mbep2d_bold",
    "ReceiveCoilActiveElements": "HC1-7;NC1,2",
    "ReceiveCoilName": "HeadNeck_64",
    "ReconMatrixPE": 110,
    "RefLinesPE": 24,
    "RepetitionTime": 1.761,
    "SAR": 0.0457902,
    "ScanOptions": "PFP\\FS\\CT",
    "ScanningSequence": "EP",
    "SequenceName": "epfid2d5_110",
    "SequenceVariant": "SK\\SS",
    "SeriesDescription": "func-bold_task-rat_dir-PA",
    "SeriesNumber": 25,
    "ShimSetting": [
        3756,
        2527,
        363,
        239,
        2,
        -314,
        -103,
        21
    ],
    "SliceThickness": 2,
    "SliceTiming": [
        0,
        0.725,
        1.4525,
        0.435,
        1.1625,
        0.145,
        0.87,
        1.5975,
        0.58,
        1.3075,
        0.29,
        1.0175,
        0,
        0.725,
        1.4525,
        0.435,
        1.1625,
        0.145,
        0.87,
        1.5975,
        0.58,
        1.3075,
        0.29,
        1.0175,
        0,
        0.725,
        1.4525,
        0.435,
        1.1625,
        0.145,
        0.87,
        1.5975,
        0.58,
        1.3075,
        0.29,
        1.0175,
        0,
        0.725,
        1.4525,
        0.435,
        1.1625,
        0.145,
        0.87,
        1.5975,
        0.58,
        1.3075,
        0.29,
        1.0175,
        0,
        0.725,
        1.4525,
        0.435,
        1.1625,
        0.145,
        0.87,
        1.5975,
        0.58,
        1.3075,
        0.29,
        1.0175,
        0,
        0.725,
        1.4525,
        0.435,
        1.1625,
        0.145,
        0.87,
        1.5975,
        0.58,
        1.3075,
        0.29,
        1.0175
    ],
    "SoftwareVersions": "syngo MR E11",
    "SpacingBetweenSlices": 2,
    "StationName": "AWP66044",
    "TotalReadoutTime": 0.0305196,
    "TxRefAmp": 213.177,
    "Units": "arbitrary",
    "VoxelSizeDim1": 2.0,
    "VoxelSizeDim2": 2.0,
    "VoxelSizeDim3": 2.0,
    "WipMemBlock": "3a405415-2e5d-428e-80fe-f44f32e05a3d||Sequence: R016 ve11c/master r/e634e98; Dec 19 2017 11:00:25 by eja"
}