{
    "AcquisitionMatrixPE": 110,
    "AcquisitionNumber": 1,
    "BandwidthPerPixelPhaseEncode": 32.468,
    "BaseResolution": 110,
    "BidsGuess": [
        "fmap",
        "_acq-epse2_dir-AP_run-7_echo-2_part-phase_epi"
    ],
    "BodyPartExamined": "BRAIN",
    "CoilCombinationMethod": "Sum of Squares",
    "ConsistencyInfo": "N4_VE11C_LATEST_20160120",
    "ConversionSoftware": "dcm2niix",
    "ConversionSoftwareVersion": "v1.0.20240202",
    "DerivedVendorReportedEchoSpacing": 0.000559992,
    "DeviceSerialNumber": "66044",
    "Dim1Size": 110,
    "Dim2Size": 110,
    "Dim3Size": 72,
    "EchoNumber": 2,
    "EchoTime": 0.05848,
    "EchoTimes": [
        0.0208,
        0.0208,
        0.05848,
        0.05848,
        0.09616,
        0.09616,
        0.13384,
        0.13384,
        0.17152,
        0.17152
    ],
    "EchoTrainLength": 42,
    "EffectiveEchoSpacing": 0.000279996,
    "FileCollection": [
        "bids::sub-24793/ses-1/fmap/sub-24793_ses-1_acq-func+meepi_dir-AP_run-01_echo-1_part-mag_epi.nii.gz",
        "bids::sub-24793/ses-1/fmap/sub-24793_ses-1_acq-func+meepi_dir-AP_run-01_echo-1_part-phase_epi.nii.gz",
        "bids::sub-24793/ses-1/fmap/sub-24793_ses-1_acq-func+meepi_dir-AP_run-01_echo-2_part-mag_epi.nii.gz",
        "bids::sub-24793/ses-1/fmap/sub-24793_ses-1_acq-func+meepi_dir-AP_run-01_echo-2_part-phase_epi.nii.gz",
        "bids::sub-24793/ses-1/fmap/sub-24793_ses-1_acq-func+meepi_dir-AP_run-01_echo-3_part-mag_epi.nii.gz",
        "bids::sub-24793/ses-1/fmap/sub-24793_ses-1_acq-func+meepi_dir-AP_run-01_echo-3_part-phase_epi.nii.gz",
        "bids::sub-24793/ses-1/fmap/sub-24793_ses-1_acq-func+meepi_dir-AP_run-01_echo-4_part-mag_epi.nii.gz",
        "bids::sub-24793/ses-1/fmap/sub-24793_ses-1_acq-func+meepi_dir-AP_run-01_echo-4_part-phase_epi.nii.gz",
        "bids::sub-24793/ses-1/fmap/sub-24793_ses-1_acq-func+meepi_dir-AP_run-01_echo-5_part-mag_epi.nii.gz",
        "bids::sub-24793/ses-1/fmap/sub-24793_ses-1_acq-func+meepi_dir-AP_run-01_echo-5_part-phase_epi.nii.gz"
    ],
    "FlipAngle": 90,
    "HeudiconvVersion": "1.3.2",
    "ImageOrientation": "LAS+",
    "ImageOrientationPatientDICOM": [
        1,
        0,
        0,
        0,
        1,
        0
    ],
    "ImageType": [
        "ORIGINAL",
        "PRIMARY",
        "P",
        "TE2",
        "ND",
        "MOSAIC",
        "PHASE"
    ],
    "ImagingFrequency": 123.252301,
    "InPlanePhaseEncodingDirectionDICOM": "COL",
    "InstitutionName": "Hospital Univ. of Pennsylvania",
    "MRAcquisitionType": "2D",
    "MagneticFieldStrength": 3,
    "Manufacturer": "Siemens",
    "ManufacturersModelName": "Prisma",
    "MatrixCoilMode": "GRAPPA",
    "Modality": "MR",
    "NonlinearGradientCorrection": false,
    "NumVolumes": 3,
    "Obliquity": "False",
    "ParallelReductionFactorInPlane": 2,
    "PartialFourier": 0.75,
    "Parts": [
        "mag",
        "phase",
        "mag",
        "phase",
        "mag",
        "phase",
        "mag",
        "phase",
        "mag",
        "phase"
    ],
    "PatientPosition": "HFS",
    "PercentPhaseFOV": 100,
    "PercentSampling": 100,
    "PhaseEncodingDirection": "j-",
    "PhaseEncodingSteps": 83,
    "PhaseResolution": 1,
    "PixelBandwidth": 2275,
    "ProcedureStepDescription": "CAMRIS^Satterthwaite",
    "ProtocolName": "fmap-epi_acq-func_dir-AP",
    "PulseSequenceDetails": "%CustomerSeq%\\cmrr_mbep2d_se",
    "ReceiveCoilActiveElements": "HC1-7;NC1,2",
    "ReceiveCoilName": "HeadNeck_64",
    "ReconMatrixPE": 110,
    "RefLinesPE": 24,
    "RepetitionTime": 13.693,
    "SAR": 0.235723,
    "ScanOptions": "PFP\\CT",
    "ScanningSequence": "EP",
    "SequenceName": "epse2d5_110",
    "SequenceVariant": "SK",
    "SeriesDescription": "fmap-epi_acq-func_dir-AP",
    "SeriesNumber": 7,
    "ShimSetting": [
        3768,
        2448,
        369,
        502,
        34,
        -10,
        -61,
        25
    ],
    "SliceThickness": 2,
    "SliceTiming": [
        6.835,
        0,
        7.025,
        0.19,
        7.215,
        0.38,
        7.405,
        0.57,
        7.595,
        0.76,
        7.785,
        0.95,
        7.975,
        1.14,
        8.165,
        1.33,
        8.355,
        1.52,
        8.545,
        1.7075,
        8.735,
        1.8975,
        8.925,
        2.0875,
        9.115,
        2.2775,
        9.305,
        2.4675,
        9.495,
        2.6575,
        9.685,
        2.8475,
        9.875,
        3.0375,
        10.065,
        3.2275,
        10.255,
        3.4175,
        10.445,
        3.6075,
        10.635,
        3.7975,
        10.825,
        3.9875,
        11.015,
        4.1775,
        11.2025,
        4.3675,
        11.3925,
        4.5575,
        11.5825,
        4.7475,
        11.7725,
        4.9375,
        11.9625,
        5.1275,
        12.1525,
        5.3175,
        12.3425,
        5.5075,
        12.5325,
        5.6975,
        12.7225,
        5.8875,
        12.9125,
        6.0775,
        13.1025,
        6.2675,
        13.2925,
        6.455,
        13.4825,
        6.645
    ],
    "SoftwareVersions": "syngo MR E11",
    "SpacingBetweenSlices": 2,
    "StationName": "AWP66044",
    "TotalReadoutTime": 0.0305196,
    "TxRefAmp": 217.871,
    "Units": "arbitrary",
    "VendorReportedEchoSpacing": 0.00056,
    "VoxelSizeDim1": 2.0,
    "VoxelSizeDim2": 2.0,
    "VoxelSizeDim3": 2.0,
    "WipMemBlock": "e56e08e3-46ec-4ae1-bf72-421977a5fb93||Sequence: R016 ve11c/master r/e634e98; Dec 19 2017 11:22:56 by eja"
}