{
    "AcquisitionMatrixPE": 80,
    "AcquisitionNumber": 1,
    "ArterialSpinLabelingType": "PCASL",
    "BackgroundSuppression": true,
    "BackgroundSuppressionNumberPulses": 4,
    "BaseResolution": 80,
    "BodyPartExamined": "BRAIN",
    "CoilCombinationMethod": "Adaptive Combine",
    "ConsistencyInfo": "N4_VE11C_LATEST_20160120",
    "ConversionSoftware": "dcm2niix",
    "ConversionSoftwareVersion": "v1.0.20240202",
    "DeviceSerialNumber": "66044",
    "Dim1Size": 80,
    "Dim2Size": 80,
    "Dim3Size": 44,
    "DwellTime": 3.13e-05,
    "EchoTime": 0.01078,
    "FlipAngle": 120,
    "FrameTimesStart": [
        0,
        90.205,
        115.223,
        140.24,
        165.255,
        190.273,
        215.29,
        240.307
    ],
    "HeudiconvVersion": "1.3.2",
    "ImageOrientation": "LAS+",
    "ImageOrientationPatientDICOM": [
        1,
        0,
        0,
        0,
        1,
        0
    ],
    "ImageOrientationText": "Tra",
    "ImageType": [
        "ORIGINAL",
        "PRIMARY",
        "M",
        "ND"
    ],
    "ImagingFrequency": 123.251953,
    "InPlanePhaseEncodingDirectionDICOM": "COL",
    "InstitutionName": "SC3T",
    "InstitutionalDepartmentName": "Department",
    "LabelingDuration": 1.8,
    "M0Type": "Separate",
    "MRAcquisitionType": "3D",
    "MagneticFieldStrength": 3,
    "Manufacturer": "Siemens",
    "ManufacturersModelName": "Prisma",
    "MatrixCoilMode": "SENSE",
    "Modality": "MR",
    "NonlinearGradientCorrection": false,
    "NumVolumes": 8,
    "Obliquity": "False",
    "PCASLType": "unbalanced",
    "PartialFourier": 1,
    "PatientPosition": "HFS",
    "PercentPhaseFOV": 100,
    "PercentSampling": 100,
    "PhaseEncodingSteps": 5,
    "PhaseResolution": 1,
    "PixelBandwidth": 400,
    "PostLabelingDelay": 1.8,
    "ProcedureStepDescription": "CAMRIS^Satterthwaite",
    "ProtocolName": "perf-asl",
    "PulseSequenceDetails": "%CustomerSeq%\\SPIRAL_V24_GE",
    "ReceiveCoilActiveElements": "HC1-6",
    "ReceiveCoilName": "HeadNeck_64",
    "ReconMatrixPE": 80,
    "RepetitionTime": 34.3296,
    "RepetitionTimeExcitation": 5,
    "RepetitionTimePreparation": 5,
    "SAR": 0.293622,
    "ScanOptions": "SAT1\\FS",
    "ScanningSequence": "RM",
    "SequenceName": "Sp3d1",
    "SequenceVariant": "SS",
    "SeriesDescription": "perf-asl_ASL",
    "SeriesNumber": 28,
    "ShimSetting": [
        3762,
        2403,
        384,
        407,
        20,
        -173,
        72,
        48
    ],
    "SliceThickness": 3,
    "SoftwareVersions": "syngo MR E11",
    "StationName": "AWP66044",
    "TotalAcquiredPairs": 4,
    "TxRefAmp": 239.54,
    "VoxelSizeDim1": 3.0,
    "VoxelSizeDim2": 3.0,
    "VoxelSizeDim3": 3.0
}