{
    "AcquisitionMatrixPE": 136,
    "AcquisitionNumber": 1,
    "B0FieldIdentifier": [
        "topupdwi01"
    ],
    "B0FieldSource": [
        "topupdwi01"
    ],
    "BandwidthPerPixelPhaseEncode": 18.854,
    "BaseResolution": 136,
    "BidsGuess": [
        "dwi",
        "_acq-epb5m4_dir-AP_run-26_dwi"
    ],
    "BodyPartExamined": "BRAIN",
    "CoilCombinationMethod": "Sum of Squares",
    "ConsistencyInfo": "N4_VE11C_LATEST_20160120",
    "ConversionSoftware": "dcm2niix",
    "ConversionSoftwareVersion": "v1.0.20240202",
    "DerivedVendorReportedEchoSpacing": 0.000779987,
    "DeviceSerialNumber": "66044",
    "DiffusionScheme": "Monopolar",
    "Dim1Size": 136,
    "Dim2Size": 136,
    "Dim3Size": 84,
    "EchoTime": 0.09,
    "EchoTrainLength": 58,
    "EffectiveEchoSpacing": 0.000389994,
    "FileCollection": [
        "bids::sub-21623/ses-1/dwi/sub-21623_ses-1_dir-AP_run-01_part-mag_dwi.nii.gz",
        "bids::sub-21623/ses-1/dwi/sub-21623_ses-1_dir-AP_run-01_part-phase_dwi.nii.gz"
    ],
    "FlipAngle": 90,
    "HeudiconvVersion": "1.3.2",
    "ImageOrientation": "LAS+",
    "ImageOrientationPatientDICOM": [
        1,
        0,
        0,
        0,
        1,
        0
    ],
    "ImageType": [
        "ORIGINAL",
        "PRIMARY",
        "DIFFUSION",
        "NONE",
        "MB",
        "ND",
        "NORM",
        "MOSAIC"
    ],
    "ImagingFrequency": 123.252579,
    "InPlanePhaseEncodingDirectionDICOM": "COL",
    "InstitutionName": "SC3T",
    "MRAcquisitionType": "2D",
    "MagneticFieldStrength": 3,
    "Manufacturer": "Siemens",
    "ManufacturersModelName": "Prisma",
    "MatrixCoilMode": "GRAPPA",
    "Modality": "MR",
    "MultibandAccelerationFactor": 4,
    "NonlinearGradientCorrection": false,
    "NumVolumes": 104,
    "Obliquity": "False",
    "ParallelReductionFactorInPlane": 2,
    "PartialFourier": 0.875,
    "Parts": [
        "mag",
        "phase"
    ],
    "PatientPosition": "HFS",
    "PercentPhaseFOV": 100,
    "PercentSampling": 100,
    "PhaseEncodingDirection": "j-",
    "PhaseEncodingSteps": 117,
    "PhaseResolution": 1,
    "PixelBandwidth": 1670,
    "ProcedureStepDescription": "CAMRIS^Satterthwaite",
    "ProtocolName": "dwi-dwi_acq-HASC92_dir-AP",
    "PulseSequenceDetails": "%CustomerSeq%\\cmrr_mbep2d_diff",
    "ReceiveCoilActiveElements": "HC1-7;NC1,2",
    "ReceiveCoilName": "HeadNeck_64",
    "ReconMatrixPE": 136,
    "RefLinesPE": 40,
    "RepetitionTime": 4.3,
    "SAR": 0.101851,
    "ScanOptions": "PFP\\FS",
    "ScanningSequence": "EP",
    "SequenceName": "ep_b5#1",
    "SequenceVariant": "SK\\SS",
    "SeriesDescription": "dwi-dwi_acq-HASC92_dir-AP",
    "SeriesNumber": 26,
    "ShimSetting": [
        3735,
        2460,
        376,
        325,
        14,
        -336,
        17,
        44
    ],
    "SliceThickness": 1.7,
    "SliceTiming": [
        0,
        2.24,
        0.2025,
        2.445,
        0.4075,
        2.6475,
        0.61,
        2.8525,
        0.815,
        3.0575,
        1.0175,
        3.26,
        1.2225,
        3.465,
        1.425,
        3.6675,
        1.63,
        3.8725,
        1.8325,
        4.075,
        2.0375,
        0,
        2.24,
        0.2025,
        2.445,
        0.4075,
        2.6475,
        0.61,
        2.8525,
        0.815,
        3.0575,
        1.0175,
        3.26,
        1.2225,
        3.465,
        1.425,
        3.6675,
        1.63,
        3.8725,
        1.8325,
        4.075,
        2.0375,
        0,
        2.24,
        0.2025,
        2.445,
        0.4075,
        2.6475,
        0.61,
        2.8525,
        0.815,
        3.0575,
        1.0175,
        3.26,
        1.2225,
        3.465,
        1.425,
        3.6675,
        1.63,
        3.8725,
        1.8325,
        4.075,
        2.0375,
        0,
        2.24,
        0.2025,
        2.445,
        0.4075,
        2.6475,
        0.61,
        2.8525,
        0.815,
        3.0575,
        1.0175,
        3.26,
        1.2225,
        3.465,
        1.425,
        3.6675,
        1.63,
        3.8725,
        1.8325,
        4.075,
        2.0375
    ],
    "SoftwareVersions": "syngo MR E11",
    "SpacingBetweenSlices": 1.7,
    "StationName": "AWP66044",
    "TotalReadoutTime": 0.0526491,
    "TxRefAmp": 210.893,
    "VoxelSizeDim1": 1.691176414489746,
    "VoxelSizeDim2": 1.691176414489746,
    "VoxelSizeDim3": 1.6999999284744263,
    "WipMemBlock": "179e17fb-664a-4f53-88f2-0f30430fd337||Sequence: R016 ve11c/master r/e634e98; Dec 19 2017 11:11:25 by eja"
}