{
    "AcquisitionMatrixPE": 110,
    "AcquisitionNumber": 1,
    "BandwidthPerPixelPhaseEncode": 32.468,
    "BaseResolution": 110,
    "BidsGuess": [
        "func",
        "_acq-epfid2m6_dir-PA_run-17_echo-4_bold"
    ],
    "BodyPartExamined": "BRAIN",
    "CoilCombinationMethod": "Sum of Squares",
    "ConsistencyInfo": "N4_VE11C_LATEST_20160120",
    "ConversionSoftware": "dcm2niix",
    "ConversionSoftwareVersion": "v1.0.20240202",
    "DerivedVendorReportedEchoSpacing": 0.000559992,
    "DeviceSerialNumber": "66044",
    "Dim1Size": 110,
    "Dim2Size": 110,
    "Dim3Size": 72,
    "EchoNumber": 4,
    "EchoTime": 0.08839,
    "EchoTimes": [
        0.0142,
        0.0142,
        0.03893,
        0.03893,
        0.06366,
        0.06366,
        0.08839,
        0.08839,
        0.11312,
        0.11312
    ],
    "EchoTrainLength": 42,
    "EffectiveEchoSpacing": 0.000279996,
    "FileCollection": [
        "bids::sub-24759/ses-1/func/sub-24759_ses-1_task-rat_dir-PA_run-01_echo-1_part-mag_noRF.nii.gz",
        "bids::sub-24759/ses-1/func/sub-24759_ses-1_task-rat_dir-PA_run-01_echo-1_part-phase_noRF.nii.gz",
        "bids::sub-24759/ses-1/func/sub-24759_ses-1_task-rat_dir-PA_run-01_echo-2_part-mag_noRF.nii.gz",
        "bids::sub-24759/ses-1/func/sub-24759_ses-1_task-rat_dir-PA_run-01_echo-2_part-phase_noRF.nii.gz",
        "bids::sub-24759/ses-1/func/sub-24759_ses-1_task-rat_dir-PA_run-01_echo-3_part-mag_noRF.nii.gz",
        "bids::sub-24759/ses-1/func/sub-24759_ses-1_task-rat_dir-PA_run-01_echo-3_part-phase_noRF.nii.gz",
        "bids::sub-24759/ses-1/func/sub-24759_ses-1_task-rat_dir-PA_run-01_echo-4_part-mag_noRF.nii.gz",
        "bids::sub-24759/ses-1/func/sub-24759_ses-1_task-rat_dir-PA_run-01_echo-4_part-phase_noRF.nii.gz",
        "bids::sub-24759/ses-1/func/sub-24759_ses-1_task-rat_dir-PA_run-01_echo-5_part-mag_noRF.nii.gz",
        "bids::sub-24759/ses-1/func/sub-24759_ses-1_task-rat_dir-PA_run-01_echo-5_part-phase_noRF.nii.gz"
    ],
    "FlipAngle": 68,
    "HeudiconvVersion": "1.3.2",
    "ImageOrientation": "LAS+",
    "ImageOrientationPatientDICOM": [
        1,
        0,
        0,
        0,
        1,
        0
    ],
    "ImageType": [
        "ORIGINAL",
        "PRIMARY",
        "M",
        "MB",
        "TE4",
        "ND",
        "NORM",
        "MOSAIC"
    ],
    "ImagingFrequency": 123.252355,
    "InPlanePhaseEncodingDirectionDICOM": "COL",
    "InstitutionName": "SC3T",
    "MRAcquisitionType": "2D",
    "MagneticFieldStrength": 3,
    "Manufacturer": "Siemens",
    "ManufacturersModelName": "Prisma",
    "MatrixCoilMode": "GRAPPA",
    "Modality": "MR",
    "MultibandAccelerationFactor": 6,
    "NonlinearGradientCorrection": false,
    "NumVolumes": 3,
    "Obliquity": "False",
    "ParallelReductionFactorInPlane": 2,
    "PartialFourier": 0.75,
    "Parts": [
        "mag",
        "phase",
        "mag",
        "phase",
        "mag",
        "phase",
        "mag",
        "phase",
        "mag",
        "phase"
    ],
    "PatientPosition": "HFS",
    "PercentPhaseFOV": 100,
    "PercentSampling": 100,
    "PhaseEncodingDirection": "j",
    "PhaseEncodingSteps": 83,
    "PhaseResolution": 1,
    "PixelBandwidth": 2275,
    "ProcedureStepDescription": "CAMRIS^Satterthwaite",
    "ProtocolName": "func-bold_task-rat_dir-PA",
    "PulseSequenceDetails": "%CustomerSeq%\\cmrr_mbep2d_bold",
    "ReceiveCoilActiveElements": "HC1-7;NC1,2",
    "ReceiveCoilName": "HeadNeck_64",
    "ReconMatrixPE": 110,
    "RefLinesPE": 24,
    "RepetitionTime": 1.761,
    "SAR": 0.0433703,
    "ScanOptions": "PFP\\FS\\CT",
    "ScanningSequence": "EP",
    "SequenceName": "epfid2d5_110",
    "SequenceVariant": "SK\\SS",
    "SeriesDescription": "func-bold_task-rat_dir-PA",
    "SeriesNumber": 17,
    "ShimSetting": [
        3742,
        2487,
        375,
        275,
        -3,
        -162,
        -51,
        53
    ],
    "SliceThickness": 2,
    "SliceTiming": [
        0,
        0.7275,
        1.4525,
        0.4375,
        1.1625,
        0.145,
        0.8725,
        1.5975,
        0.5825,
        1.3075,
        0.2925,
        1.0175,
        0,
        0.7275,
        1.4525,
        0.4375,
        1.1625,
        0.145,
        0.8725,
        1.5975,
        0.5825,
        1.3075,
        0.2925,
        1.0175,
        0,
        0.7275,
        1.4525,
        0.4375,
        1.1625,
        0.145,
        0.8725,
        1.5975,
        0.5825,
        1.3075,
        0.2925,
        1.0175,
        0,
        0.7275,
        1.4525,
        0.4375,
        1.1625,
        0.145,
        0.8725,
        1.5975,
        0.5825,
        1.3075,
        0.2925,
        1.0175,
        0,
        0.7275,
        1.4525,
        0.4375,
        1.1625,
        0.145,
        0.8725,
        1.5975,
        0.5825,
        1.3075,
        0.2925,
        1.0175,
        0,
        0.7275,
        1.4525,
        0.4375,
        1.1625,
        0.145,
        0.8725,
        1.5975,
        0.5825,
        1.3075,
        0.2925,
        1.0175
    ],
    "SoftwareVersions": "syngo MR E11",
    "SpacingBetweenSlices": 2,
    "StationName": "AWP66044",
    "TotalReadoutTime": 0.0305196,
    "TxRefAmp": 212.645,
    "VoxelSizeDim1": 2.0,
    "VoxelSizeDim2": 2.0,
    "VoxelSizeDim3": 2.0,
    "WipMemBlock": "fda210b7-3088-467c-8b12-e5b22923cf3d||Sequence: R016 ve11c/master r/e634e98; Dec 19 2017 11:00:25 by eja"
}