{
    "AcquisitionMatrixPE": 110,
    "AcquisitionNumber": 1,
    "BandwidthPerPixelPhaseEncode": 32.468,
    "BaseResolution": 110,
    "BidsGuess": [
        "func",
        "_acq-epfid2_dir-PA_run-16_echo-1_part-phase_bold"
    ],
    "BodyPartExamined": "BRAIN",
    "CoilCombinationMethod": "Sum of Squares",
    "ConsistencyInfo": "N4_VE11C_LATEST_20160120",
    "ConversionSoftware": "dcm2niix",
    "ConversionSoftwareVersion": "v1.0.20240202",
    "DerivedVendorReportedEchoSpacing": 0.000559992,
    "DeviceSerialNumber": "66044",
    "Dim1Size": 110,
    "Dim2Size": 110,
    "Dim3Size": 72,
    "EchoNumber": 1,
    "EchoTime": 0.0142,
    "EchoTimes": [
        0.0142,
        0.0142,
        0.03893,
        0.03893,
        0.06366,
        0.06366,
        0.08839,
        0.08839,
        0.11312,
        0.11312
    ],
    "EchoTrainLength": 42,
    "EffectiveEchoSpacing": 0.000279996,
    "FileCollection": [
        "bids::sub-24749/ses-1/func/sub-24749_ses-1_task-rat_dir-PA_run-01_echo-1_part-mag_sbref.nii.gz",
        "bids::sub-24749/ses-1/func/sub-24749_ses-1_task-rat_dir-PA_run-01_echo-1_part-phase_sbref.nii.gz",
        "bids::sub-24749/ses-1/func/sub-24749_ses-1_task-rat_dir-PA_run-01_echo-2_part-mag_sbref.nii.gz",
        "bids::sub-24749/ses-1/func/sub-24749_ses-1_task-rat_dir-PA_run-01_echo-2_part-phase_sbref.nii.gz",
        "bids::sub-24749/ses-1/func/sub-24749_ses-1_task-rat_dir-PA_run-01_echo-3_part-mag_sbref.nii.gz",
        "bids::sub-24749/ses-1/func/sub-24749_ses-1_task-rat_dir-PA_run-01_echo-3_part-phase_sbref.nii.gz",
        "bids::sub-24749/ses-1/func/sub-24749_ses-1_task-rat_dir-PA_run-01_echo-4_part-mag_sbref.nii.gz",
        "bids::sub-24749/ses-1/func/sub-24749_ses-1_task-rat_dir-PA_run-01_echo-4_part-phase_sbref.nii.gz",
        "bids::sub-24749/ses-1/func/sub-24749_ses-1_task-rat_dir-PA_run-01_echo-5_part-mag_sbref.nii.gz",
        "bids::sub-24749/ses-1/func/sub-24749_ses-1_task-rat_dir-PA_run-01_echo-5_part-phase_sbref.nii.gz"
    ],
    "FlipAngle": 68,
    "HeudiconvVersion": "1.3.2",
    "ImageOrientation": "LAS+",
    "ImageOrientationPatientDICOM": [
        1,
        0,
        0,
        0,
        1,
        0
    ],
    "ImageType": [
        "ORIGINAL",
        "PRIMARY",
        "P",
        "TE1",
        "ND",
        "MOSAIC",
        "PHASE"
    ],
    "ImagingFrequency": 123.252417,
    "InPlanePhaseEncodingDirectionDICOM": "COL",
    "InstitutionName": "SC3T",
    "MRAcquisitionType": "2D",
    "MagneticFieldStrength": 3,
    "Manufacturer": "Siemens",
    "ManufacturersModelName": "Prisma",
    "MatrixCoilMode": "GRAPPA",
    "Modality": "MR",
    "NonlinearGradientCorrection": false,
    "NumVolumes": 1,
    "Obliquity": "False",
    "ParallelReductionFactorInPlane": 2,
    "PartialFourier": 0.75,
    "Parts": [
        "mag",
        "phase",
        "mag",
        "phase",
        "mag",
        "phase",
        "mag",
        "phase",
        "mag",
        "phase"
    ],
    "PatientPosition": "HFS",
    "PercentPhaseFOV": 100,
    "PercentSampling": 100,
    "PhaseEncodingDirection": "j",
    "PhaseEncodingSteps": 83,
    "PhaseResolution": 1,
    "PixelBandwidth": 2275,
    "ProcedureStepDescription": "CAMRIS^Satterthwaite",
    "ProtocolName": "func-bold_task-rat_dir-PA",
    "PulseSequenceDetails": "%CustomerSeq%\\cmrr_mbep2d_bold",
    "ReceiveCoilActiveElements": "HC1-7;NC1,2",
    "ReceiveCoilName": "HeadNeck_64",
    "ReconMatrixPE": 110,
    "RefLinesPE": 24,
    "RepetitionTime": 1.761,
    "SAR": 0.0580786,
    "ScanOptions": "PFP\\FS\\CT",
    "ScanningSequence": "EP",
    "SequenceName": "epfid2d5_110",
    "SequenceVariant": "SK\\SS",
    "SeriesDescription": "func-bold_task-rat_dir-PA_SBRef",
    "SeriesNumber": 16,
    "ShimSetting": [
        3764,
        2537,
        350,
        211,
        202,
        -151,
        -90,
        32
    ],
    "SliceThickness": 2,
    "SliceTiming": [
        0,
        0.145,
        0.29,
        0.435,
        0.58,
        0.725,
        0.87,
        1.015,
        1.16,
        1.305,
        1.45,
        1.595,
        1.74,
        1.885,
        2.03,
        2.175,
        2.32,
        2.465,
        2.61,
        2.755,
        2.9,
        3.045,
        3.19,
        3.335,
        3.48,
        3.625,
        3.77,
        3.915,
        4.06,
        4.2075,
        4.3525,
        4.4975,
        4.6425,
        4.7875,
        4.9325,
        5.0775,
        5.2225,
        5.3675,
        5.5125,
        5.6575,
        5.8025,
        5.9475,
        6.0925,
        6.2375,
        6.3825,
        6.5275,
        6.6725,
        6.8175,
        6.9625,
        7.1075,
        7.2525,
        7.3975,
        7.5425,
        7.6875,
        7.8325,
        7.9775,
        8.1225,
        8.2675,
        8.4125,
        8.5575,
        8.705,
        8.85,
        8.995,
        9.14,
        9.285,
        9.43,
        9.575,
        9.72,
        9.865,
        10.01,
        10.155,
        10.3
    ],
    "SoftwareVersions": "syngo MR E11",
    "SpacingBetweenSlices": 2,
    "StationName": "AWP66044",
    "TotalReadoutTime": 0.0305196,
    "TxRefAmp": 253.252,
    "Units": "arbitrary",
    "VoxelSizeDim1": 2.0,
    "VoxelSizeDim2": 2.0,
    "VoxelSizeDim3": 2.0,
    "WipMemBlock": "e0abb450-2033-412a-8286-a5de39f618b5||Sequence: R016 ve11c/master r/e634e98; Dec 19 2017 11:00:25 by eja"
}